PATH
  remote: .
  specs:
    brain_facts (0.1.0)

GEM
  remote: https://rubygems.org/
  specs:
    coderay (1.1.3)
    colorize (0.8.1)
    method_source (1.0.0)
    nokogiri (1.11.4-x86_64-linux)
      racc (~> 1.4)
    pry (0.14.1)
      coderay (~> 1.1)
      method_source (~> 1.0)
    racc (1.6.0)
    rake (13.0.6)

PLATFORMS
  x86_64-linux

DEPENDENCIES
  brain_facts!
  colorize
  nokogiri (= 1.11.4)
  pry
  rake (~> 13.0)

BUNDLED WITH
   2.2.32
